GEM
  remote: https://rubygems.org/
  specs:
    addressable (2.3.6)
    dotenv (0.11.1)
      dotenv-deployment (~> 0.0.2)
    dotenv-deployment (0.0.2)
    json (1.8.1)
    mime-types (1.25.1)
    rdoc (4.1.1)
      json (~> 1.4)
    rest-client (1.6.8)
      mime-types (~> 1.16)
      rdoc (>= 2.4.2)
    unirest (1.1.2)
      addressable (~> 2.3.5)
      json (~> 1.8.1)
      rest-client (~> 1.6.7)
    yajl-ruby (1.2.1)

PLATFORMS
  ruby

DEPENDENCIES
  dotenv
  unirest
  yajl-ruby
